PATH
  remote: .
  specs:
    get (0.1.0)
      addressable
      http-parser
      socketry

GEM
  remote: https://rubygems.org/
  specs:
    addressable (2.7.0)
      public_suffix (>= 2.0.2, < 5.0)
    ffi (1.13.1)
    ffi-compiler (1.0.1)
      ffi (>= 1.0.0)
      rake
    hitimes (1.3.1)
    http-parser (1.2.1)
      ffi-compiler (>= 1.0, < 2.0)
    minitest (5.14.1)
    public_suffix (4.0.5)
    rake (12.3.3)
    socketry (0.5.1)
      hitimes (~> 1.2)

PLATFORMS
  ruby

DEPENDENCIES
  get!
  minitest (~> 5.0)
  rake (~> 12.0)

BUNDLED WITH
   2.1.4
